GEM
  remote: https://rubygems.org/
  specs:
    actionmailer (3.2.11)
      actionpack (= 3.2.11)
      mail (~> 2.4.4)
    actionpack (3.2.11)
      activemodel (= 3.2.11)
      activesupport (= 3.2.11)
      builder (~> 3.0.0)
      erubis (~> 2.7.0)
      journey (~> 1.0.4)
      rack (~> 1.4.0)
      rack-cache (~> 1.2)
      rack-test (~> 0.6.1)
      sprockets (~> 2.2.1)
    activemodel (3.2.11)
      activesupport (= 3.2.11)
      builder (~> 3.0.0)
    activerecord (3.2.11)
      activemodel (= 3.2.11)
      activesupport (= 3.2.11)
      arel (~> 3.0.2)
      tzinfo (~> 0.3.29)
    activeresource (3.2.11)
      activemodel (= 3.2.11)
      activesupport (= 3.2.11)
    activesupport (3.2.11)
      i18n (~> 0.6)
      multi_json (~> 1.0)
    acts_as_follower (0.1.1)
    arel (3.0.2)
    aws-sdk (1.8.5)
      json (~> 1.4)
      nokogiri (>= 1.4.4)
      uuidtools (~> 2.1)
    bcrypt-ruby (3.0.1)
    builder (3.0.4)
    bullet (4.4.0)
      uniform_notifier
    cancan (1.6.9)
    capistrano (2.14.2)
      highline
      net-scp (>= 1.0.0)
      net-sftp (>= 2.0.0)
      net-ssh (>= 2.0.14)
      net-ssh-gateway (>= 1.1.0)
    capistrano-nginx (0.1.0)
    capistrano-unicorn (0.1.6)
      capistrano
    chunky_png (1.2.7)
    climate_control (0.0.3)
      activesupport (>= 3.0)
    cocaine (0.5.1)
      climate_control (>= 0.0.3, < 1.0)
    coffee-rails (3.2.2)
      coffee-script (>= 2.2.0)
      railties (~> 3.2.0)
    coffee-script (2.2.0)
      coffee-script-source
      execjs
    coffee-script-source (1.6.2)
    compass (0.12.2)
      chunky_png (~> 1.2)
      fssm (>= 0.2.7)
      sass (~> 3.1)
    compass-h5bp (0.1.0)
      compass
    compass-rails (1.0.3)
      compass (>= 0.12.2, < 0.14)
    daemons (1.1.9)
    devise (2.1.2)
      bcrypt-ruby (~> 3.0)
      orm_adapter (~> 0.1)
      railties (~> 3.1)
      warden (~> 1.2.1)
    erubis (2.7.0)
    eventmachine (1.0.3)
    exception_notification (3.0.1)
      actionmailer (>= 3.0.4)
    execjs (1.4.0)
      multi_json (~> 1.0)
    faker (1.1.2)
      i18n (~> 0.5)
    fattr (2.2.1)
    fssm (0.2.10)
    geocoder (1.1.6)
    gmaps4rails (1.5.6)
    highline (1.6.16)
    hike (1.2.1)
    html5-rails (0.0.6)
      jquery-rails (>= 2.0)
      railties (~> 3.1)
      thor (~> 0.14)
    i18n (0.6.4)
    journey (1.0.4)
    jquery-datatables-rails (1.11.2)
      jquery-rails
    jquery-rails (2.2.1)
      railties (>= 3.0, < 5.0)
      thor (>= 0.14, < 2.0)
    json (1.7.7)
    kaminari (0.14.1)
      actionpack (>= 3.0.0)
      activesupport (>= 3.0.0)
    kgio (2.8.0)
    libv8 (3.11.8.13)
    mail (2.4.4)
      i18n (>= 0.4.0)
      mime-types (~> 1.16)
      treetop (~> 1.4.8)
    mime-types (1.21)
    multi_json (1.7.1)
    mysql2 (0.3.11)
    net-scp (1.1.0)
      net-ssh (>= 2.6.5)
    net-sftp (2.1.1)
      net-ssh (>= 2.6.5)
    net-ssh (2.6.6)
    net-ssh-gateway (1.2.0)
      net-ssh (>= 2.6.5)
    newrelic_rpm (3.5.8.72)
    nokogiri (1.5.8)
    opinio (0.6)
      jquery-rails
      kaminari
      rails (~> 3)
    options (2.3.0)
      fattr
    orm_adapter (0.4.0)
    paperclip (3.4.1)
      activemodel (>= 3.0.0)
      activerecord (>= 3.0.0)
      activesupport (>= 3.0.0)
      cocaine (~> 0.5.0)
      mime-types
    polyglot (0.3.3)
    pr_geohash (1.0.0)
    progress_bar (1.0.0)
      highline (~> 1.6.1)
      options (~> 2.3.0)
    public_activity (1.0.3)
      actionpack (~> 3.0)
      activesupport (~> 3.0)
      i18n (>= 0.5.0)
      railties (~> 3.0)
    rack (1.4.5)
    rack-cache (1.2)
      rack (>= 0.4)
    rack-cors (0.2.7)
      rack
    rack-jsonp-middleware (0.0.9)
      rack
    rack-ssl (1.3.3)
      rack
    rack-ssl-enforcer (0.2.5)
    rack-test (0.6.2)
      rack (>= 1.0)
    rails (3.2.11)
      actionmailer (= 3.2.11)
      actionpack (= 3.2.11)
      activerecord (= 3.2.11)
      activeresource (= 3.2.11)
      activesupport (= 3.2.11)
      bundler (~> 1.0)
      railties (= 3.2.11)
    railties (3.2.11)
      actionpack (= 3.2.11)
      activesupport (= 3.2.11)
      rack-ssl (~> 1.3.2)
      rake (>= 0.8.7)
      rdoc (~> 3.4)
      thor (>= 0.14.6, < 2.0)
    raindrops (0.10.0)
    rake (10.0.3)
    rdoc (3.12.2)
      json (~> 1.4)
    ref (1.0.3)
    rsolr (1.0.8)
      builder (>= 2.1.2)
    rvm-capistrano (1.2.7)
      capistrano (>= 2.0.0)
    sass (3.2.7)
    sass-rails (3.2.6)
      railties (~> 3.2.0)
      sass (>= 3.1.10)
      tilt (~> 1.3)
    sprockets (2.2.2)
      hike (~> 1.2)
      multi_json (~> 1.0)
      rack (~> 1.0)
      tilt (~> 1.1, != 1.3.0)
    statistics2 (0.54)
    sunspot (2.0.0)
      pr_geohash (~> 1.0)
      rsolr (~> 1.0.7)
    sunspot_rails (2.0.0)
      nokogiri
      sunspot (= 2.0.0)
    sunspot_solr (2.0.0)
    test-unit (2.5.4)
    therubyracer (0.11.4)
      libv8 (~> 3.11.8.12)
      ref
    thin (1.5.1)
      daemons (>= 1.0.9)
      eventmachine (>= 0.12.6)
      rack (>= 1.0.0)
    thor (0.17.0)
    thumbs_up (0.6.4)
      activerecord
      statistics2
    tilt (1.3.6)
    treetop (1.4.12)
      polyglot
      polyglot (>= 0.3.1)
    turbo-sprockets-rails3 (0.3.6)
      railties (> 3.2.8, < 4.0.0)
      sprockets (>= 2.0.0)
    tzinfo (0.3.37)
    uglifier (1.3.0)
      execjs (>= 0.3.0)
      multi_json (~> 1.0, >= 1.0.2)
    unicorn (4.6.2)
      kgio (~> 2.6)
      rack
      raindrops (~> 0.7)
    uniform_notifier (1.2.0)
    uuidtools (2.1.3)
    warden (1.2.1)
      rack (>= 1.0)
    xmpp4r (0.5)

PLATFORMS
  ruby

DEPENDENCIES
  acts_as_follower
  aws-sdk
  bullet
  bundler
  cancan
  capistrano
  capistrano-nginx
  capistrano-unicorn
  coffee-rails
  compass-h5bp
  compass-rails
  devise (= 2.1.2)
  exception_notification
  faker
  geocoder
  gmaps4rails
  html5-rails
  jquery-datatables-rails
  jquery-rails
  kaminari
  libv8
  mysql2
  newrelic_rpm
  opinio
  paperclip
  progress_bar
  public_activity
  rack-cors
  rack-jsonp-middleware
  rack-ssl-enforcer
  rails (= 3.2.11)
  rvm-capistrano
  sass-rails
  sunspot_rails
  sunspot_solr
  test-unit
  therubyracer
  thin
  thumbs_up
  turbo-sprockets-rails3
  uglifier
  unicorn
  xmpp4r
